GIT
  remote: git://github.com/recortable/wax_museum.git
  revision: ab2013d4224cdef5ac9556a842060a0aa6ee3596
  specs:
    wax_museum (0.0.1)
      nokogiri
      rails (~> 3.2.8)
      sass-rails (~> 3.1)

GEM
  remote: https://rubygems.org/
  specs:
    actionmailer (3.2.8)
      actionpack (= 3.2.8)
      mail (~> 2.4.4)
    actionpack (3.2.8)
      activemodel (= 3.2.8)
      activesupport (= 3.2.8)
      builder (~> 3.0.0)
      erubis (~> 2.7.0)
      journey (~> 1.0.4)
      rack (~> 1.4.0)
      rack-cache (~> 1.2)
      rack-test (~> 0.6.1)
      sprockets (~> 2.1.3)
    activemodel (3.2.8)
      activesupport (= 3.2.8)
      builder (~> 3.0.0)
    activerecord (3.2.8)
      activemodel (= 3.2.8)
      activesupport (= 3.2.8)
      arel (~> 3.0.2)
      tzinfo (~> 0.3.29)
    activeresource (3.2.8)
      activemodel (= 3.2.8)
      activesupport (= 3.2.8)
    activesupport (3.2.8)
      i18n (~> 0.6)
      multi_json (~> 1.0)
    acts_as_list (0.1.8)
    addressable (2.3.2)
    ansi (1.4.3)
    arel (3.0.2)
    basic_config (0.1.0)
    bcrypt-ruby (3.0.1)
    bootstrap-sass (2.1.0.1)
    bourbon (2.1.1)
      sass (>= 3.1)
    breadcrumbs_on_rails (2.2.0)
    builder (3.0.4)
    cache_digests (0.2.0)
      actionpack (>= 3.2)
    cambelt (0.1.1)
    cancan (1.6.8)
    capistrano (2.13.5)
      highline
      net-scp (>= 1.0.0)
      net-sftp (>= 2.0.0)
      net-ssh (>= 2.0.14)
      net-ssh-gateway (>= 1.1.0)
    capybara (1.1.3)
      mime-types (>= 1.16)
      nokogiri (>= 1.3.3)
      rack (>= 1.0.0)
      rack-test (>= 0.5.4)
      selenium-webdriver (~> 2.0)
      xpath (~> 0.1.4)
    carrierwave (0.7.0)
      activemodel (>= 3.2.0)
      activesupport (>= 3.2.0)
    childprocess (0.3.6)
      ffi (~> 1.0, >= 1.0.6)
    coffee-rails (3.2.2)
      coffee-script (>= 2.2.0)
      railties (~> 3.2.0)
    coffee-script (2.2.0)
      coffee-script-source
      execjs
    coffee-script-source (1.4.0)
    css_parser (1.2.6)
      addressable
      rdoc
    daemons (1.1.9)
    database_cleaner (0.9.1)
    decent_exposure (1.0.2)
    erubis (2.7.0)
    eventmachine (1.0.0)
    excon (0.16.7)
    execjs (1.4.0)
      multi_json (~> 1.0)
    factory_girl (4.1.0)
      activesupport (>= 3.0.0)
    factory_girl_rails (4.1.0)
      factory_girl (~> 4.1.0)
      railties (>= 3.0.0)
    ffi (1.1.5)
    fog (1.6.0)
      builder
      excon (~> 0.14)
      formatador (~> 0.2.0)
      mime-types
      multi_json (~> 1.0)
      net-scp (~> 1.0.4)
      net-ssh (>= 2.1.3)
      nokogiri (~> 1.5.0)
      ruby-hmac
    font-awesome-sass-rails (2.0.0.0)
      railties (>= 3.1.1)
      sass-rails (>= 3.1.1)
    formatador (0.2.4)
    friendly_id (4.0.8)
    highline (1.6.15)
    hike (1.2.1)
    hoptoad_notifier (2.4.11)
      activesupport
      builder
    hpricot (0.8.6)
    htmlentities (4.3.1)
    http_accept_language (1.0.2)
    i18n (0.6.1)
    ie_conditional_tag (0.5.0)
      rails (~> 3.0)
    jbuilder (0.8.2)
      activesupport (>= 3.0.0)
    journey (1.0.4)
    jquery-rails (2.1.3)
      railties (>= 3.1.0, < 5.0)
      thor (~> 0.14)
    json (1.7.5)
    kgio (2.7.4)
    launchy (2.1.2)
      addressable (~> 2.3)
    letter_opener (1.0.0)
      launchy (>= 2.0.4)
    libwebsocket (0.1.5)
      addressable
    mail (2.4.4)
      i18n (>= 0.4.0)
      mime-types (~> 1.16)
      treetop (~> 1.4.8)
    mime-types (1.19)
    mini_magick (3.4)
      subexec (~> 0.2.1)
    minitest (4.1.0)
    multi_json (1.3.6)
    net-scp (1.0.4)
      net-ssh (>= 1.99.1)
    net-sftp (2.0.5)
      net-ssh (>= 2.0.9)
    net-ssh (2.6.1)
    net-ssh-gateway (1.1.0)
      net-ssh (>= 1.99.1)
    newrelic_rpm (3.5.0.1)
    nokogiri (1.5.5)
    paper_trail (2.6.3)
      activerecord (~> 3.0)
      railties (~> 3.0)
    pg (0.14.1)
    polyglot (0.3.3)
    premailer (1.7.3)
      css_parser (>= 1.1.9)
      htmlentities (>= 4.0.0)
    premailer-rails3 (1.3.1)
      premailer (~> 1.7)
      rails (~> 3)
    quiet_assets (1.0.1)
      railties (~> 3.1)
    rack (1.4.1)
    rack-cache (1.2)
      rack (>= 0.4)
    rack-ssl (1.3.2)
      rack
    rack-test (0.6.2)
      rack (>= 1.0)
    rails (3.2.8)
      actionmailer (= 3.2.8)
      actionpack (= 3.2.8)
      activerecord (= 3.2.8)
      activeresource (= 3.2.8)
      activesupport (= 3.2.8)
      bundler (~> 1.0)
      railties (= 3.2.8)
    rails-translate-routes (0.1.3)
      activesupport (>= 3.1)
    railties (3.2.8)
      actionpack (= 3.2.8)
      activesupport (= 3.2.8)
      rack-ssl (~> 1.3.2)
      rake (>= 0.8.7)
      rdoc (~> 3.4)
      thor (>= 0.14.6, < 2.0)
    raindrops (0.10.0)
    rake (0.9.2.2)
    rdoc (3.12)
      json (~> 1.4)
    redcarpet (2.2.2)
    routing_concerns (0.1.0)
      actionpack (>= 3.2.0)
      activemodel (>= 3.2.0)
      railties (>= 3.2.0)
    ruby-hmac (0.4.0)
    rubyzip (0.9.9)
    sass (3.2.1)
    sass-rails (3.2.5)
      railties (~> 3.2.0)
      sass (>= 3.1.10)
      tilt (~> 1.3)
    selenium-webdriver (2.25.0)
      childprocess (>= 0.2.5)
      libwebsocket (~> 0.1.3)
      multi_json (~> 1.0)
      rubyzip
    simple_form (2.0.4)
      actionpack (~> 3.0)
      activemodel (~> 3.0)
    sprockets (2.1.3)
      hike (~> 1.2)
      rack (~> 1.0)
      tilt (~> 1.1, != 1.3.0)
    subexec (0.2.2)
    texticle (2.0.3)
      activerecord (~> 3.0)
    thin (1.5.0)
      daemons (>= 1.0.9)
      eventmachine (>= 0.12.6)
      rack (>= 1.0.0)
    thor (0.16.0)
    tilt (1.3.3)
    treetop (1.4.12)
      polyglot
      polyglot (>= 0.3.1)
    truncate_html (0.5.5)
    turbolinks (0.5.1)
    turn (0.9.6)
      ansi
    tzinfo (0.3.34)
    uglifier (1.3.0)
      execjs (>= 0.3.0)
      multi_json (~> 1.0, >= 1.0.2)
    unicorn (4.4.0)
      kgio (~> 2.6)
      rack
      raindrops (~> 0.7)
    will_paginate (3.0.3)
    will_paginate-bootstrap (0.2.1)
      will_paginate (>= 3.0.3)
    xpath (0.1.4)
      nokogiri (~> 1.3)

PLATFORMS
  ruby

DEPENDENCIES
  acts_as_list
  basic_config
  bcrypt-ruby (~> 3.0.0)
  bootstrap-sass
  bourbon
  breadcrumbs_on_rails
  cache_digests
  cambelt
  cancan
  capistrano
  capybara
  carrierwave
  coffee-rails (~> 3.2.1)
  database_cleaner
  decent_exposure (= 1.0.2)
  factory_girl_rails
  fog
  font-awesome-sass-rails
  friendly_id
  hoptoad_notifier
  hpricot
  http_accept_language
  ie_conditional_tag
  jbuilder
  jquery-rails
  letter_opener
  mini_magick
  minitest
  newrelic_rpm
  paper_trail
  pg
  premailer-rails3
  quiet_assets
  rails (>= 3.2.3)
  rails-translate-routes
  redcarpet
  routing_concerns
  sass-rails (~> 3.2.3)
  simple_form
  texticle (~> 2.0)
  thin
  truncate_html
  turbolinks
  turn
  uglifier (>= 1.0.3)
  unicorn
  wax_museum!
  will_paginate (~> 3.0)
  will_paginate-bootstrap
